GIT
  remote: git@github.com:discorb-lib/discorb
  revision: b9d9e334f7042997fba9b8d4ddeeef25cc521706
  specs:
    discorb (0.0.1)

GEM
  remote: https://rubygems.org/
  specs:
    async (1.30.1)
      console (~> 1.10)
      nio4r (~> 2.3)
      timers (~> 4.1)
    async-http (0.56.5)
      async (>= 1.25)
      async-io (>= 1.28)
      async-pool (>= 0.2)
      protocol-http (~> 0.22.0)
      protocol-http1 (~> 0.14.0)
      protocol-http2 (~> 0.14.0)
    async-io (1.32.2)
      async
    async-pool (0.3.8)
      async (>= 1.25)
    async-websocket (0.19.0)
      async-http (~> 0.54)
      async-io (~> 1.23)
      protocol-websocket (~> 0.7.0)
    colorize (0.8.1)
    console (1.13.1)
      fiber-local
    fiber-local (1.0.0)
    forwardable-extended (2.6.0)
    mime-types (3.3.1)
      mime-types-data (~> 3.2015)
    mime-types-data (3.2021.0704)
    mimetype (1.3.0)
      msgpack (~> 1.2)
      pathutil (~> 0.16)
    msgpack (1.4.2)
    nio4r (2.5.8)
    pathutil (0.16.2)
      forwardable-extended (~> 2.6)
    protocol-hpack (1.4.2)
    protocol-http (0.22.5)
    protocol-http1 (0.14.1)
      protocol-http (~> 0.22)
    protocol-http2 (0.14.2)
      protocol-hpack (~> 1.4)
      protocol-http (~> 0.18)
    protocol-websocket (0.7.5)
      protocol-http (~> 0.2)
      protocol-http1 (~> 0.2)
    timers (4.3.3)

PLATFORMS
  x86_64-linux

DEPENDENCIES
  async-http (~> 0.56.5)
  async-websocket (~> 0.19.0)
  colorize (~> 0.8.1)
  discorb (~> 0.0.1)!
  mime-types (~> 3.3)
  mimetype (~> 1.3)

BUNDLED WITH
   2.2.22
